GEM
  remote: http://rubygems.org/
  specs:
    correios-frete (0.1.0)
      bundler (~> 1.0.0)
      jeweler
      nokogiri
      rspec
      sax-machine
    diff-lcs (1.1.2)
    git (1.2.5)
    jeweler (1.6.4)
      bundler (~> 1.0)
      git (>= 1.2.5)
      rake
    nokogiri (1.5.0)
    rake (0.9.2)
    rspec (2.6.0)
      rspec-core (~> 2.6.0)
      rspec-expectations (~> 2.6.0)
      rspec-mocks (~> 2.6.0)
    rspec-core (2.6.4)
    rspec-expectations (2.6.0)
      diff-lcs (~> 1.1.2)
    rspec-mocks (2.6.0)
    sax-machine (0.0.16)
      nokogiri (> 0.0.0)

PLATFORMS
  ruby

DEPENDENCIES
  correios-frete
